GEM
  remote: http://rubygems.org/
  remote: http://rubygems.org/
  specs:
    gosu (0.7.45)
    texplay (0.4.3)
      gosu (>= 0.7.25)

PLATFORMS
  ruby

DEPENDENCIES
  gosu
  texplay
